GEM
  remote: https://rubygems.org/
  specs:
    rubywarrior (0.1.3)

PLATFORMS
  ruby

DEPENDENCIES
  rubywarrior

BUNDLED WITH
   1.14.6
